PATH
  remote: .
  specs:
    rss_to_email (0.0.1)
      mail
      methadone (~> 1.2.4)
      nori

GEM
  remote: https://rubygems.org/
  specs:
    addressable (2.3.4)
    aruba (0.5.3)
      childprocess (>= 0.3.6)
      cucumber (>= 1.1.1)
      rspec-expectations (>= 2.7.0)
    builder (3.2.2)
    childprocess (0.3.9)
      ffi (~> 1.0, >= 1.0.11)
    crack (0.4.0)
      safe_yaml (~> 0.9.0)
    cucumber (1.3.2)
      builder (>= 2.1.2)
      diff-lcs (>= 1.1.3)
      gherkin (~> 2.12.0)
      multi_json (~> 1.3)
    diff-lcs (1.2.4)
    ffi (1.9.0)
    gherkin (2.12.0)
      multi_json (~> 1.3)
    json (1.8.0)
    mail (2.5.4)
      mime-types (~> 1.16)
      treetop (~> 1.4.8)
    methadone (1.2.6)
      bundler
    mime-types (1.23)
    multi_json (1.7.6)
    nori (2.2.0)
    polyglot (0.3.3)
    rake (10.0.4)
    rdoc (4.0.1)
      json (~> 1.4)
    rspec (2.13.0)
      rspec-core (~> 2.13.0)
      rspec-expectations (~> 2.13.0)
      rspec-mocks (~> 2.13.0)
    rspec-core (2.13.1)
    rspec-expectations (2.13.0)
      diff-lcs (>= 1.1.3, < 2.0)
    rspec-mocks (2.13.1)
    safe_yaml (0.9.3)
    treetop (1.4.14)
      polyglot
      polyglot (>= 0.3.1)
    vcr (2.5.0)
    webmock (1.11.0)
      addressable (>= 2.2.7)
      crack (>= 0.3.2)

PLATFORMS
  ruby

DEPENDENCIES
  aruba
  bundler (~> 1.3)
  rake
  rdoc
  rspec
  rss_to_email!
  vcr
  webmock
